GEM
  remote: https://rubygems.org/
  specs:
    minitest (5.16.2)

PLATFORMS
  x86_64-darwin-19

DEPENDENCIES
  minitest

BUNDLED WITH
   2.3.24
